GEM
  remote: https://rubygems.org/
  specs:
    addressable (2.5.1)
      public_suffix (~> 2.0, >= 2.0.2)
    faraday (0.12.1)
      multipart-post (>= 1.2, < 3)
    launchy (2.4.3)
      addressable (~> 2.3)
    mini_portile2 (2.1.0)
    multipart-post (2.0.0)
    mustermann (1.0.0)
    nokogiri (1.7.2)
      mini_portile2 (~> 2.1.0)
    public_suffix (2.0.5)
    rack (2.0.2)
    rack-protection (2.0.0)
      rack
    rbplotly (0.1.1)
      faraday (~> 0.9)
      launchy (~> 2.4)
      uuidtools (~> 2.1)
    roo (2.7.1)
      nokogiri (~> 1)
      rubyzip (~> 1.1, < 2.0.0)
    roo-xls (1.0.0)
      nokogiri
      roo (>= 2.0.0beta1, < 3)
      spreadsheet (> 0.9.0)
    ruby-ole (1.2.12.1)
    rubyzip (1.2.1)
    sinatra (2.0.0)
      mustermann (~> 1.0)
      rack (~> 2.0)
      rack-protection (= 2.0.0)
      tilt (~> 2.0)
    spreadsheet (1.1.4)
      ruby-ole (>= 1.0)
    tilt (2.0.7)
    uuidtools (2.1.5)

PLATFORMS
  ruby

DEPENDENCIES
  rack
  rbplotly
  roo-xls
  sinatra

BUNDLED WITH
   1.14.6
